GIT
  remote: https://github.com/AIDCVT/refinerycms-blog
  revision: d6932e437bbc0d250f49f13e64e4fec0e45d3247
  ref: d6932e437bbc0d250f49f13e64e4fec0e45d3247
  specs:
    refinerycms-blog (4.0.0)
      activemodel-serializers-xml (~> 1.0, >= 1.0.1)
      acts-as-taggable-on
      filters_spam (~> 0.2)
      friendly_id (>= 5.1.0, < 5.5)
      globalize (>= 5.3, < 7.1)
      rails_autolink (~> 1.1.3)
      refinerycms-core (~> 4.1.0)
      refinerycms-settings (~> 4.0)
      responders (~> 3.0)
      seo_meta (~> 3.0, >= 3.0.0)

GIT
  remote: https://github.com/NickYudin/formtastic-bootstrap
  revision: bd2a62213252a104721f24646502468bb4309b37
  ref: bd2a62213252a104721f24646502468bb4309b37
  specs:
    formtastic-bootstrap (3.2.0)
      formtastic (>= 3.0)

GIT
  remote: https://github.com/anitagraham/refinerycms
  revision: d1d981e156f7ba1bc966d29ba0df086eb7a0081a
  ref: d1d981e156f7ba1bc966d29ba0df086eb7a0081a
  specs:
    refinerycms (4.1.0)
      refinerycms-core (= 4.1.0)
      refinerycms-images (= 4.1.0)
      refinerycms-pages (= 4.1.0)
      refinerycms-resources (= 4.1.0)
    refinerycms-core (4.1.0)
      actionpack (>= 6.0.0, < 7)
      activerecord (>= 6.0.0, < 7)
      coffee-rails (~> 5.0, >= 5.0.0)
      decorators (~> 2.0, >= 2.0.0)
      font-awesome-sass (>= 4.3.0, < 5.0)
      jquery-rails (~> 4.3, >= 4.3.1)
      jquery-ui-rails (~> 6.0, >= 6.0.0)
      railties (>= 6.0.0, < 7)
      refinerycms-i18n (~> 5.0, >= 5.0.1)
      sass-rails (>= 4.0, < 7)
      truncate_html (~> 0.9)
      will_paginate (~> 3.1, >= 3.1.0)
      zilch-authorisation (~> 0, >= 0.0.1)
    refinerycms-dragonfly (1.1.0)
      dragonfly (~> 1.4)
      refinerycms-core (~> 4.0, >= 4.0.2)
    refinerycms-images (4.1.0)
      refinerycms-core (= 4.1.0)
      refinerycms-dragonfly (~> 1.0)
    refinerycms-pages (4.1.0)
      awesome_nested_set (~> 3.1, >= 3.1.0)
      babosa (~> 1.0)
      diffy (~> 3.1, >= 3.1.0)
      friendly_id (>= 5.4.0)
      friendly_id-mobility (~> 1.0.3)
      refinerycms-core (= 4.1.0)
      seo_meta (~> 3.0, >= 3.0.0)
      speakingurl-rails (~> 8.0, >= 8.0.0)
    refinerycms-resources (4.1.0)
      refinerycms-core (= 4.1.0)
      refinerycms-dragonfly (~> 1.0)

GIT
  remote: https://github.com/anitagraham/refinerycms-i18n
  revision: db49a72b9784128c279bced597151653dd549e9a
  specs:
    refinerycms-i18n (5.0.1)
      mobility (~> 1.2, >= 1.2.9)
      rails-i18n (>= 5.0)
      routing-filter (~> 0.6)

GIT
  remote: https://github.com/anitagraham/refinerycms-search
  revision: 36fd8a39be5909c2a83e5faee93a5fb46d1b3fb2
  ref: 36fd8a39be5909c2a83e5faee93a5fb46d1b3fb2
  specs:
    refinerycms-search (4.1.0)
      refinerycms-acts-as-indexed (~> 4.0)
      refinerycms-core (~> 4.0)

GIT
  remote: https://github.com/eug3nix/schema-dot-org
  revision: 0bb7508f3f92e5edac05991d730faecce9cadf46
  branch: pgem_entities
  specs:
    schema_dot_org (1.6.1)
      validated_object (~> 2.0.2)

GIT
  remote: https://github.com/ghoppe/refinerycms-tinymce
  revision: 1042b0b83541116ec86adfc7360c017e9f0cd0b2
  ref: 1042b0b83541116ec86adfc7360c017e9f0cd0b2
  specs:
    refinerycms-tinymce (1.0.0)
      refinerycms-core (>= 3.0.0)

GIT
  remote: https://github.com/mes/survey
  revision: 2ba85665c89bc7981748c52c804736782fea6dc3
  specs:
    survey (0.2)
      rails (>= 3.2.6)
      railties (>= 3.2.6)

GIT
  remote: https://github.com/refinery/refinerycms-acts-as-indexed
  revision: f866ca26b7bc95516bcb13ba56dd6e6fe3387bc1
  ref: f866ca2
  specs:
    refinerycms-acts-as-indexed (4.0.0)
      acts_as_indexed (~> 0.8)
      decorators (~> 2.0)
      refinerycms-core (>= 4.0.0, < 5.0)
      stringex (~> 2.5)

GIT
  remote: https://github.com/rozsnyai/refinerycms-dynamicfields
  revision: 9628a568b31bfd6413fb320a75ee7487f111f54e
  branch: update-dependencies
  specs:
    refinerycms-dynamicfields (3.0.0)
      nested_form
      refinerycms-core (~> 4.1.0)

GIT
  remote: https://github.com/wested/refinerycms-settings
  revision: e044eb253e18ed788251994de8805063f099b72d
  ref: e044eb253e18ed788251994de8805063f099b72d
  specs:
    refinerycms-settings (4.0.1)
      friendly_id (>= 5.3.0)
      refinerycms-core (~> 4.0, >= 4.0.0)

PATH
  remote: vendor/extensions
  specs:
    refinerycms-community_events (1.0)
      acts_as_indexed (~> 0.8.0)
      refinerycms-core (>= 3.0.6)
    refinerycms-meetups (1.0)
      acts_as_indexed (~> 0.8.0)
      refinerycms-core (>= 3.0.6)
    refinerycms-sponsors (1.0)
      acts_as_indexed (~> 0.8.0)
      refinerycms-core (>= 3.0.5)
    refinerycms-team_members (1.0)
      acts_as_indexed (~> 0.8.0)
      refinerycms-core (>= 3.0.5)

GEM
  remote: https://rails-assets.org/
  specs:
    rails-assets-bootstrap (3.4.1)
      rails-assets-jquery (>= 1.9.1, < 4)
    rails-assets-bootstrap-markdown (2.10.0)
      rails-assets-bootstrap (~> 3)
    rails-assets-chartjs (4.4.7)
    rails-assets-date.format (1.2.3)
    rails-assets-holderjs (2.9.6)
    rails-assets-jquery (3.7.1)
    rails-assets-jquery-smooth-scroll (2.2.0)
      rails-assets-jquery (>= 1.7.0)
    rails-assets-markdown (0.5.0)
    rails-assets-momentjs (2.30.1)
    rails-assets-spectrum (1.8.0)
      rails-assets-jquery (>= 1.7.2)
    rails-assets-tinycolor (1.6.0)
    rails-assets-to-markdown (3.1.1)
    rails-assets-trianglify (1.2.0)
    rails-assets-waypoints (4.0.1)

GEM
  remote: https://rubygems.org/
  specs:
    actioncable (6.1.7.10)
      actionpack (= 6.1.7.10)
      activesupport (= 6.1.7.10)
      nio4r (~> 2.0)
      websocket-driver (>= 0.6.1)
    actionmailbox (6.1.7.10)
      actionpack (= 6.1.7.10)
      activejob (= 6.1.7.10)
      activerecord (= 6.1.7.10)
      activestorage (= 6.1.7.10)
      activesupport (= 6.1.7.10)
      mail (>= 2.7.1)
    actionmailer (6.1.7.10)
      actionpack (= 6.1.7.10)
      actionview (= 6.1.7.10)
      activejob (= 6.1.7.10)
      activesupport (= 6.1.7.10)
      mail (~> 2.5, >= 2.5.4)
      rails-dom-testing (~> 2.0)
    actionpack (6.1.7.10)
      actionview (= 6.1.7.10)
      activesupport (= 6.1.7.10)
      rack (~> 2.0, >= 2.0.9)
      rack-test (>= 0.6.3)
      rails-dom-testing (~> 2.0)
      rails-html-sanitizer (~> 1.0, >= 1.2.0)
    actiontext (6.1.7.10)
      actionpack (= 6.1.7.10)
      activerecord (= 6.1.7.10)
      activestorage (= 6.1.7.10)
      activesupport (= 6.1.7.10)
      nokogiri (>= 1.8.5)
    actionview (6.1.7.10)
      activesupport (= 6.1.7.10)
      builder (~> 3.1)
      erubi (~> 1.4)
      rails-dom-testing (~> 2.0)
      rails-html-sanitizer (~> 1.1, >= 1.2.0)
    active_model_serializers (0.10.15)
      actionpack (>= 4.1)
      activemodel (>= 4.1)
      case_transform (>= 0.2)
      jsonapi-renderer (>= 0.1.1.beta1, < 0.3)
    activejob (6.1.7.10)
      activesupport (= 6.1.7.10)
      globalid (>= 0.3.6)
    activemodel (6.1.7.10)
      activesupport (= 6.1.7.10)
    activemodel-serializers-xml (1.0.3)
      activemodel (>= 5.0.0.a)
      activesupport (>= 5.0.0.a)
      builder (~> 3.1)
    activerecord (6.1.7.10)
      activemodel (= 6.1.7.10)
      activesupport (= 6.1.7.10)
    activestorage (6.1.7.10)
      actionpack (= 6.1.7.10)
      activejob (= 6.1.7.10)
      activerecord (= 6.1.7.10)
      activesupport (= 6.1.7.10)
      marcel (~> 1.0)
      mini_mime (>= 1.1.0)
    activesupport (6.1.7.10)
      concurrent-ruby (~> 1.0, >= 1.0.2)
      i18n (>= 1.6, < 2)
      minitest (>= 5.1)
      tzinfo (~> 2.0)
      zeitwerk (~> 2.3)
    acts-as-taggable-on (10.0.0)
      activerecord (>= 6.1, < 7.2)
    acts_as_commentable_with_threading (2.0.1)
      activerecord (>= 4.0)
      activesupport (>= 4.0)
      awesome_nested_set (>= 3.0)
    acts_as_indexed (0.8.3)
    acts_as_list (1.2.4)
      activerecord (>= 6.1)
      activesupport (>= 6.1)
    addressable (2.8.7)
      public_suffix (>= 2.0.2, < 7.0)
    ahoy_matey (5.2.1)
      activesupport (>= 6.1)
      device_detector (>= 1)
      safely_block (>= 0.4)
    ajax-datatables-rails (1.5.0)
      rails (>= 6.0)
      zeitwerk
    akami (1.3.3)
      base64
      gyoku (>= 0.4.0)
      nokogiri
    ast (2.4.2)
    autoprefixer-rails (10.4.19.0)
      execjs (~> 2)
    awesome_nested_set (3.8.0)
      activerecord (>= 4.0.0, < 8.1)
    aws_cf_signer (0.1.3)
    babosa (1.0.4)
    base64 (0.2.0)
    bcrypt (3.1.20)
    better_errors (2.10.1)
      erubi (>= 1.0.0)
      rack (>= 0.9.0)
      rouge (>= 1.0.0)
    better_tempfile (0.1.0)
    bigdecimal (3.1.8)
    bindex (0.8.1)
    binding_of_caller (1.0.1)
      debug_inspector (>= 1.2.0)
    bootstrap-sass (3.4.1)
      autoprefixer-rails (>= 5.2.1)
      sassc (>= 2.0.0)
    bootstrap-social-rails (4.12.0)
      railties (>= 3.1)
    bootstrap-switch-rails (3.2.2)
    bootstrap3-datetimepicker-rails (4.17.47)
      momentjs-rails (>= 2.8.1)
    braintree (4.23.0)
      builder (>= 3.2.4)
      rexml (>= 3.1.9)
    builder (3.3.0)
    byebug (11.1.3)
    cancancan (3.6.1)
    capybara (3.40.0)
      addressable
      matrix
      mini_mime (>= 0.1.3)
      nokogiri (~> 1.11)
      rack (>= 1.6.0)
      rack-test (>= 0.6.3)
      regexp_parser (>= 1.5, < 3.0)
      xpath (~> 3.2)
    carrierwave (2.2.2)
      activemodel (>= 5.0.0)
      activesupport (>= 5.0.0)
      addressable (~> 2.6)
      image_processing (~> 1.1)
      marcel (~> 1.0.0)
      mini_mime (>= 0.1.3)
      ssrf_filter (~> 1.0)
    carrierwave-bombshelter (0.2.2)
      activesupport (>= 3.2.0)
      carrierwave
      fastimage
    case_transform (0.2)
      activesupport
    caxlsx (4.1.0)
      htmlentities (~> 4.3, >= 4.3.4)
      marcel (~> 1.0)
      nokogiri (~> 1.10, >= 1.10.4)
      rubyzip (>= 1.3.0, < 3)
    caxlsx_rails (0.6.4)
      actionpack (>= 3.1)
      caxlsx (>= 3.0)
    chartkick (5.1.2)
    childprocess (5.1.0)
      logger (~> 1.5)
    chronic (0.10.2)
    chunky_png (1.4.0)
    cliver (0.3.2)
    cloudinary (1.29.0)
      aws_cf_signer
      rest-client (>= 2.0.0)
    cocoon (1.2.15)
    coderay (1.1.3)
    coffee-rails (5.0.0)
      coffee-script (>= 2.2.0)
      railties (>= 5.2.0)
    coffee-script (2.4.1)
      coffee-script-source
      execjs
    coffee-script-source (1.12.2)
    concurrent-ruby (1.3.4)
    countries (4.2.3)
      i18n_data (~> 0.16.0)
      sixarm_ruby_unaccent (~> 1.1)
    country_select (6.0.0)
      countries (~> 4.0)
      sort_alphabetical (~> 1.1)
    coveralls (0.8.23)
      json (>= 1.8, < 3)
      simplecov (~> 0.16.1)
      term-ansicolor (~> 1.3)
      thor (>= 0.19.4, < 2.0)
      tins (~> 1.6)
    crack (1.0.0)
      bigdecimal
      rexml
    crass (1.0.6)
    csv (3.3.0)
    curb (1.0.6)
    daemons (1.4.1)
    dante (0.2.0)
    database_cleaner (2.1.0)
      database_cleaner-active_record (>= 2, < 3)
    database_cleaner-active_record (2.2.0)
      activerecord (>= 5.a)
      database_cleaner-core (~> 2.0.0)
    database_cleaner-core (2.0.1)
    date (3.4.1)
    debug_inspector (1.2.0)
    decorators (2.0.6)
      railties (>= 4.0.0, < 7.2)
    delayed_job (4.1.13)
      activesupport (>= 3.0, < 9.0)
    delayed_job_active_record (4.1.11)
      activerecord (>= 3.0, < 9.0)
      delayed_job (>= 3.0, < 5)
    device_detector (1.1.3)
    devise (4.9.4)
      bcrypt (~> 3.0)
      orm_adapter (~> 0.1)
      railties (>= 4.1.0)
      responders
      warden (~> 1.2.3)
    devise-passwordless (1.0.3)
      devise
      globalid
    devise_ichain_authenticatable (0.3.2)
      devise (>= 2.2)
    diff-lcs (1.5.1)
    diffy (3.4.3)
    docile (1.4.1)
    domain_name (0.6.20240107)
    dotenv (3.1.5)
    dotenv-rails (3.1.5)
      dotenv (= 3.1.5)
      railties (>= 6.1)
    dragonfly (1.4.0)
      addressable (~> 2.3)
      multi_json (~> 1.0)
      rack (>= 1.3)
    erubi (1.13.0)
    exception_notification (4.5.0)
      actionmailer (>= 5.2, < 8)
      activesupport (>= 5.2, < 8)
    execjs (2.10.0)
    factory_bot (4.11.1)
      activesupport (>= 3.0.0)
    factory_bot_rails (4.11.1)
      factory_bot (~> 4.11.1)
      railties (>= 3.0.0)
    faker (3.5.1)
      i18n (>= 1.8.11, < 2)
    faraday (1.10.4)
      faraday-em_http (~> 1.0)
      faraday-em_synchrony (~> 1.0)
      faraday-excon (~> 1.1)
      faraday-httpclient (~> 1.0)
      faraday-multipart (~> 1.0)
      faraday-net_http (~> 1.0)
      faraday-net_http_persistent (~> 1.0)
      faraday-patron (~> 1.0)
      faraday-rack (~> 1.0)
      faraday-retry (~> 1.0)
      ruby2_keywords (>= 0.0.4)
    faraday-em_http (1.0.0)
    faraday-em_synchrony (1.0.0)
    faraday-excon (1.1.0)
    faraday-httpclient (1.0.1)
    faraday-multipart (1.0.4)
      multipart-post (~> 2)
    faraday-net_http (1.0.2)
    faraday-net_http_persistent (1.2.0)
    faraday-patron (1.0.0)
    faraday-rack (1.0.0)
    faraday-retry (1.0.3)
    faraday_middleware (1.2.1)
      faraday (~> 1.0)
    fastimage (2.3.1)
    feedjira (2.2.0)
      faraday (>= 0.9)
      faraday_middleware (>= 0.9)
      loofah (>= 2.0)
      sax-machine (>= 1.0)
    ffi (1.17.0-x86_64-linux-gnu)
    filters_spam (0.5)
    font-awesome-rails (4.7.0.9)
      railties (>= 3.2, < 9.0)
    font-awesome-sass (4.7.0)
      sass (>= 3.2)
    formatador (1.1.0)
    formtastic (5.0.0)
      actionpack (>= 6.0.0)
    friendly_id (5.4.2)
      activerecord (>= 4.0.0)
    friendly_id-mobility (1.0.4)
      friendly_id (>= 5.0.0, < 5.5)
      mobility (>= 1.0.1, < 2.0)
    geocoder (1.8.5)
      base64 (>= 0.1.0)
      csv (>= 3.0.0)
    gli (2.22.0)
    globalid (1.2.1)
      activesupport (>= 6.1)
    globalize (6.3.0)
      activemodel (>= 4.2, < 7.2)
      activerecord (>= 4.2, < 7.2)
      request_store (~> 1.0)
    gon (6.4.0)
      actionpack (>= 3.0.20)
      i18n (>= 0.7)
      multi_json
      request_store (>= 1.0)
    gravtastic (3.2.6)
    groupdate (6.4.0)
      activesupport (>= 6.1)
    guard (2.19.0)
      formatador (>= 0.2.4)
      listen (>= 2.7, < 4.0)
      lumberjack (>= 1.0.12, < 2.0)
      nenv (~> 0.1)
      notiffany (~> 0.0)
      pry (>= 0.13.0)
      shellany (~> 0.0)
      thor (>= 0.18.1)
    guard-rspec (4.2.10)
      guard (~> 2.1)
      rspec (>= 2.14, < 4.0)
    gyoku (1.4.0)
      builder (>= 2.1.2)
      rexml (~> 3.0)
    haml (6.3.0)
      temple (>= 0.8.2)
      thor
      tilt
    haml-rails (2.1.0)
      actionpack (>= 5.1)
      activesupport (>= 5.1)
      haml (>= 4.0.6)
      railties (>= 5.1)
    haml_lint (0.59.0)
      haml (>= 5.0)
      parallel (~> 1.10)
      rainbow
      rubocop (>= 1.0)
      sysexits (~> 1.1)
    hashdiff (1.1.2)
    hashie (5.0.0)
    hightop (0.4.0)
      activesupport (>= 6.1)
    htmlentities (4.3.4)
    http-accept (1.7.0)
    http-cookie (1.0.8)
      domain_name (~> 0.5)
    httpclient (2.8.3)
    humanize (3.1.0)
    i18n (1.14.6)
      concurrent-ruby (~> 1.0)
    i18n_data (0.16.0)
      simple_po_parser (~> 1.1)
    icalendar (2.10.3)
      ice_cube (~> 0.16)
      ostruct
    ice_cube (0.17.0)
    image_processing (1.13.0)
      mini_magick (>= 4.9.5, < 5)
      ruby-vips (>= 2.0.17, < 3)
    inversion (1.5.0)
      gli (~> 2.21)
      loggability (~> 0.17)
      pastel (~> 0.8)
      sysexits (~> 1.2)
      tty-prompt (~> 0.23)
    invoice_printer (0.0.9)
      json
      prawn
      prawn-layout
    iso-639 (0.3.8)
      csv
    jquery-datatables-rails (3.4.0)
      actionpack (>= 3.1)
      jquery-rails
      railties (>= 3.1)
      sass-rails
    jquery-rails (4.3.5)
      rails-dom-testing (>= 1, < 3)
      railties (>= 4.2.0)
      thor (>= 0.14, < 2.0)
    jquery-slick-rails (1.10.0)
      railties (>= 3.1)
    jquery-ui-rails (6.0.1)
      railties (>= 3.2.16)
    json (2.9.0)
    json-schema (5.1.1)
      addressable (~> 2.8)
      bigdecimal (~> 3.1)
    jsonapi-renderer (0.2.2)
    jwt (2.9.3)
      base64
    language_server-protocol (3.17.0.3)
    launchy (3.0.1)
      addressable (~> 2.8)
      childprocess (~> 5.0)
    leaflet-rails (1.9.5)
      actionpack (>= 4.2.0)
      railties (>= 4.2.0)
    letter_opener (1.10.0)
      launchy (>= 2.2, < 4)
    letter_opener_web (3.0.0)
      actionmailer (>= 6.1)
      letter_opener (~> 1.9)
      railties (>= 6.1)
      rexml
    listen (3.9.0)
      rb-fsevent (~> 0.10, >= 0.10.3)
      rb-inotify (~> 0.9, >= 0.9.10)
    loggability (0.18.2)
    logger (1.6.3)
    lolsoap (0.9.0)
      nokogiri (~> 1.5)
    loofah (2.23.1)
      crass (~> 1.0.2)
      nokogiri (>= 1.12.0)
    lumberjack (1.2.10)
    mail (2.8.1)
      mini_mime (>= 0.1.1)
      net-imap
      net-pop
      net-smtp
    marcel (1.0.4)
    matrix (0.4.2)
    maxminddb (0.1.22)
    method_source (1.1.0)
    mime-types (3.6.0)
      logger
      mime-types-data (~> 3.2015)
    mime-types-data (3.2024.1203)
    mina (1.2.5)
      rake
    mini_magick (4.13.2)
    mini_mime (1.1.5)
    minitest (5.25.4)
    mobility (1.3.1)
      i18n (>= 0.6.10, < 2)
      request_store (~> 1.0)
    momentjs-rails (2.29.4.1)
      railties (>= 3.1)
    monetize (1.13.0)
      money (~> 6.12)
    money (6.19.0)
      i18n (>= 0.6.4, <= 2)
    money-rails (1.15.0)
      activesupport (>= 3.0)
      monetize (~> 1.9)
      money (~> 6.13)
      railties (>= 3.0)
    multi_json (1.15.0)
    multi_xml (0.7.1)
      bigdecimal (~> 3.1)
    multipart-post (2.4.1)
    nenv (0.3.0)
    nested_form (0.3.2)
    net-imap (0.5.1)
      date
      net-protocol
    net-pop (0.1.2)
      net-protocol
    net-protocol (0.2.2)
      timeout
    net-smtp (0.5.0)
      net-protocol
    netrc (0.11.0)
    nio4r (2.7.4)
    nokogiri (1.17.2-x86_64-linux)
      racc (~> 1.4)
    notiffany (0.1.3)
      nenv (~> 0.1)
      shellany (~> 0.0)
    oauth2 (1.4.11)
      faraday (>= 0.17.3, < 3.0)
      jwt (>= 1.0, < 3.0)
      multi_json (~> 1.3)
      multi_xml (~> 0.5)
      rack (>= 1.2, < 4)
    omniauth (2.0.4)
      hashie (>= 3.4.6)
      rack (>= 1.6.2, < 3)
      rack-protection
    omniauth-facebook (8.0.0)
      omniauth-oauth2 (~> 1.2)
    omniauth-github (2.0.0)
      omniauth (~> 2.0)
      omniauth-oauth2 (~> 1.7.1)
    omniauth-google-oauth2 (1.0.0)
      jwt (>= 2.0)
      oauth2 (~> 1.1)
      omniauth (~> 2.0)
      omniauth-oauth2 (~> 1.7.1)
    omniauth-oauth2 (1.7.3)
      oauth2 (>= 1.4, < 3)
      omniauth (>= 1.9, < 3)
    omniauth-openid (2.0.1)
      omniauth (>= 1.0, < 3.0)
      rack-openid (~> 1.4.0)
    omniauth-rails_csrf_protection (1.0.2)
      actionpack (>= 4.2)
      omniauth (~> 2.0)
    orm_adapter (0.5.0)
    ostruct (0.6.1)
    paper_trail (16.0.0)
      activerecord (>= 6.1)
      request_store (~> 1.4)
    parallel (1.26.3)
    parser (3.3.6.0)
      ast (~> 2.4.1)
      racc
    pastel (0.8.0)
      tty-color (~> 0.5)
    pbkdf2_password_hasher (0.2.0)
    pdf-core (0.4.0)
    pg (1.5.9)
    phantomjs (2.1.1.0)
    piwik_analytics (1.0.2)
      actionpack
      activesupport
      rails (>= 3.0.0)
    poltergeist (1.18.1)
      capybara (>= 2.1, < 4)
      cliver (~> 0.3.1)
      websocket-driver (>= 0.2.0)
    prawn (1.3.0)
      pdf-core (~> 0.4.0)
      ttfunk (~> 1.4.0)
    prawn-layout (0.8.4)
    prawn-qrcode (0.2.2.1)
      prawn (>= 0.11.1)
      rqrcode (>= 0.4.1)
    prawn_rails (0.0.12)
      prawn (>= 0.11.1)
      railties (>= 3.0.0)
    pry (0.15.0)
      coderay (~> 1.1)
      method_source (~> 1.0)
    psych (5.2.1)
      date
      stringio
    public_suffix (6.0.1)
    puma (6.5.0)
      nio4r (~> 2.0)
    racc (1.8.1)
    rack (2.2.10)
    rack-openid (1.4.2)
      rack (>= 1.1.0)
      ruby-openid (>= 2.1.8)
    rack-protection (3.2.0)
      base64 (>= 0.1.0)
      rack (~> 2.2, >= 2.2.4)
    rack-test (2.1.0)
      rack (>= 1.3)
    rails (6.1.7.10)
      actioncable (= 6.1.7.10)
      actionmailbox (= 6.1.7.10)
      actionmailer (= 6.1.7.10)
      actionpack (= 6.1.7.10)
      actiontext (= 6.1.7.10)
      actionview (= 6.1.7.10)
      activejob (= 6.1.7.10)
      activemodel (= 6.1.7.10)
      activerecord (= 6.1.7.10)
      activestorage (= 6.1.7.10)
      activesupport (= 6.1.7.10)
      bundler (>= 1.15.0)
      railties (= 6.1.7.10)
      sprockets-rails (>= 2.0.0)
    rails-dom-testing (2.2.0)
      activesupport (>= 5.0.0)
      minitest
      nokogiri (>= 1.6)
    rails-html-sanitizer (1.6.2)
      loofah (~> 2.21)
      nokogiri (>= 1.15.7, != 1.16.7, != 1.16.6, != 1.16.5, != 1.16.4, != 1.16.3, != 1.16.2, != 1.16.1, != 1.16.0.rc1, != 1.16.0)
    rails-i18n (6.0.0)
      i18n (>= 0.7, < 2)
      railties (>= 6.0.0, < 7)
    rails-observers (0.1.5)
      activemodel (>= 4.0)
    rails_autolink (1.1.8)
      actionview (> 3.1)
      activesupport (> 3.1)
      railties (> 3.1)
    rails_pdf (0.2.1)
      better_tempfile
      rails (>= 4.2.0)
    railties (6.1.7.10)
      actionpack (= 6.1.7.10)
      activesupport (= 6.1.7.10)
      method_source
      rake (>= 12.2)
      thor (~> 1.0)
    rainbow (3.1.1)
    rake (13.2.1)
    rb-fsevent (0.11.2)
    rb-inotify (0.11.1)
      ffi (~> 1.0)
    rdoc (6.8.1)
      psych (>= 4.0.0)
    rdoc-generator-fivefish (0.4.0)
      inversion (~> 1.1)
      loggability (~> 0.12)
      rdoc (~> 6.0)
      yajl-ruby (~> 1.3)
    recaptcha (5.18.0)
    redcarpet (3.6.0)
    regexp_parser (2.9.3)
    request_store (1.7.0)
      rack (>= 1.4)
    responders (3.1.1)
      actionpack (>= 5.2)
      railties (>= 5.2)
    rest-client (2.1.0)
      http-accept (>= 1.7.0, < 2.0)
      http-cookie (>= 1.0.2, < 2.0)
      mime-types (>= 1.16, < 4.0)
      netrc (~> 0.8)
    rexml (3.3.9)
    rolify (6.0.1)
    rouge (4.5.1)
    routing-filter (0.7.0)
      actionpack (>= 6.1)
      activesupport (>= 6.1)
    rqrcode (2.2.0)
      chunky_png (~> 1.0)
      rqrcode_core (~> 1.0)
    rqrcode_core (1.2.0)
    rspec (3.13.0)
      rspec-core (~> 3.13.0)
      rspec-expectations (~> 3.13.0)
      rspec-mocks (~> 3.13.0)
    rspec-activemodel-mocks (1.2.1)
      activemodel (>= 3.0)
      activesupport (>= 3.0)
      rspec-mocks (>= 2.99, < 4.0)
    rspec-core (3.13.2)
      rspec-support (~> 3.13.0)
    rspec-expectations (3.13.3)
      diff-lcs (>= 1.2.0, < 2.0)
      rspec-support (~> 3.13.0)
    rspec-mocks (3.13.2)
      diff-lcs (>= 1.2.0, < 2.0)
      rspec-support (~> 3.13.0)
    rspec-rails (6.1.5)
      actionpack (>= 6.1)
      activesupport (>= 6.1)
      railties (>= 6.1)
      rspec-core (~> 3.13)
      rspec-expectations (~> 3.13)
      rspec-mocks (~> 3.13)
      rspec-support (~> 3.13)
    rspec-support (3.13.2)
    rubocop (1.69.2)
      json (~> 2.3)
      language_server-protocol (>= 3.17.0)
      parallel (~> 1.10)
      parser (>= 3.3.0.2)
      rainbow (>= 2.2.2, < 4.0)
      regexp_parser (>= 2.9.3, < 3.0)
      rubocop-ast (>= 1.36.2, < 2.0)
      ruby-progressbar (~> 1.7)
      unicode-display_width (>= 2.4.0, < 4.0)
    rubocop-ast (1.36.2)
      parser (>= 3.3.1.0)
    rubocop-rspec (3.3.0)
      rubocop (~> 1.61)
    ruby-oembed (0.14.1)
    ruby-openid (2.9.2)
    ruby-progressbar (1.13.0)
    ruby-vips (2.2.2)
      ffi (~> 1.12)
      logger
    ruby2_keywords (0.0.5)
    rubyzip (2.3.2)
    safely_block (0.4.1)
    sass (3.7.4)
      sass-listen (~> 4.0.0)
    sass-listen (4.0.0)
      rb-fsevent (~> 0.9, >= 0.9.4)
      rb-inotify (~> 0.9, >= 0.9.7)
    sass-rails (6.0.0)
      sassc-rails (~> 2.1, >= 2.1.1)
    sassc (2.4.0)
      ffi (~> 1.9)
    sassc-rails (2.1.2)
      railties (>= 4.0.0)
      sassc (>= 2.0)
      sprockets (> 3.0)
      sprockets-rails
      tilt
    sax-machine (1.3.2)
    sched (0.1.14)
      curb
    seed_dump (3.3.1)
      activerecord (>= 4)
      activesupport (>= 4)
    selectize-rails (0.12.6)
    seo_meta (3.1.0)
      railties (>= 5.0.0)
    shellany (0.0.1)
    shoulda-matchers (6.4.0)
      activesupport (>= 5.2.0)
    simple_calendar (2.4.3)
      rails (>= 3.0)
    simple_po_parser (1.1.6)
    simplecov (0.16.1)
      docile (~> 1.1)
      json (>= 1.8, < 3)
      simplecov-html (~> 0.10.0)
    simplecov-html (0.10.2)
    sixarm_ruby_unaccent (1.2.2)
    soft_deletion (1.12.0)
      activerecord (>= 5.0.0, < 8.1)
    sort_alphabetical (1.1.0)
      unicode_utils (>= 1.2.2)
    speakingurl-rails (8.0.2)
      railties (>= 3.1)
    spring (4.2.1)
    spring-commands-rspec (1.0.4)
      spring (>= 0.9.1)
    sprockets (4.2.1)
      concurrent-ruby (~> 1.0)
      rack (>= 2.2.4, < 4)
    sprockets-rails (3.5.2)
      actionpack (>= 6.1)
      activesupport (>= 6.1)
      sprockets (>= 3.0.0)
    ssrf_filter (1.2.0)
    stringex (2.8.6)
    stringio (3.1.2)
    stripe (11.7.0)
    stripe-ruby-mock (4.0.0)
      dante (>= 0.2.0)
      multi_json (~> 1.0)
      stripe (> 5, < 12)
    sync (0.5.0)
    sysexits (1.2.0)
    temple (0.10.3)
    term-ansicolor (1.11.2)
      tins (~> 1.0)
    thor (1.3.2)
    tilt (2.4.0)
    timecop (0.9.10)
    timeout (0.4.2)
    tins (1.37.0)
      bigdecimal
      sync
    transitions (1.3.0)
    truncate_html (0.9.3)
    ttfunk (1.4.0)
    tty-color (0.6.0)
    tty-cursor (0.7.1)
    tty-prompt (0.23.1)
      pastel (~> 0.8)
      tty-reader (~> 0.8)
    tty-reader (0.9.0)
      tty-cursor (~> 0.7)
      tty-screen (~> 0.8)
      wisper (~> 2.0)
    tty-screen (0.8.2)
    turbolinks (5.2.1)
      turbolinks-source (~> 5.2)
    turbolinks-source (5.2.0)
    tzinfo (2.0.6)
      concurrent-ruby (~> 1.0)
    uglifier (4.2.1)
      execjs (>= 0.3.0, < 3)
    unicode-display_width (3.1.2)
      unicode-emoji (~> 4.0, >= 4.0.4)
    unicode-emoji (4.0.4)
    unicode_utils (1.4.0)
    unobtrusive_flash (3.3.1)
      railties
    uuidtools (2.2.0)
    validated_object (2.0.3)
      activemodel (>= 3.2.21)
    warden (1.2.9)
      rack (>= 2.0.9)
    web-console (3.7.0)
      actionview (>= 5.0)
      activemodel (>= 5.0)
      bindex (>= 0.4.0)
      railties (>= 5.0)
    webmock (3.24.0)
      addressable (>= 2.8.0)
      crack (>= 0.3.2)
      hashdiff (>= 0.4.0, < 2.0.0)
    websocket-driver (0.7.6)
      websocket-extensions (>= 0.1.0)
    websocket-extensions (0.1.5)
    whenever (1.0.0)
      chronic (>= 0.6.3)
    will_paginate (3.3.1)
    will_paginate-bootstrap (1.0.2)
      will_paginate (>= 3.0.3)
    wisper (2.0.1)
    xpath (3.2.0)
      nokogiri (~> 1.8)
    yajl-ruby (1.4.3)
    zeitwerk (2.5.4)
    zilch-authorisation (0.0.1)

PLATFORMS
  x86_64-linux

DEPENDENCIES
  active_model_serializers
  acts-as-taggable-on
  acts_as_commentable_with_threading
  acts_as_list
  ahoy_matey (~> 5)
  ajax-datatables-rails
  akami (~> 1.3, >= 1.3.1)
  autoprefixer-rails
  awesome_nested_set
  better_errors
  better_tempfile
  binding_of_caller
  bootstrap-sass (~> 3.4.1)
  bootstrap-social-rails
  bootstrap-switch-rails (~> 3.2.2)
  bootstrap3-datetimepicker-rails (~> 4.17.47)
  braintree
  byebug (~> 11.1.3)
  cancancan
  capybara
  carrierwave (= 2.2.2)
  carrierwave-bombshelter
  caxlsx
  caxlsx_rails
  chartkick
  cloudinary
  cocoon
  country_select (= 6.0.0)
  coveralls
  daemons
  database_cleaner
  delayed_job_active_record
  devise (>= 4.8.0)
  devise-passwordless
  devise_ichain_authenticatable
  dotenv-rails
  exception_notification
  factory_bot_rails (~> 4.11.1)
  faker
  feedjira (~> 2.2)
  font-awesome-rails (>= 4.7.0)
  formtastic (~> 5.0.0)
  formtastic-bootstrap!
  friendly_id (~> 5.4.2)
  geocoder
  gon (~> 6.4.0)
  gravtastic
  groupdate
  guard-rspec (~> 4.2.8)
  haml-rails
  haml_lint
  hightop
  httpclient (~> 2.8, >= 2.8.3)
  humanize
  icalendar
  invoice_printer
  iso-639
  jquery-datatables-rails
  jquery-rails (~> 4.3.5)
  jquery-slick-rails
  jquery-ui-rails (~> 6.0.1)
  json-schema
  leaflet-rails
  letter_opener
  letter_opener_web
  lolsoap (~> 0.9.0)
  maxminddb
  mina
  mini_magick (>= 4.9.4)
  money-rails
  nokogiri (>= 1.11.0)
  omniauth (= 2.0.4)
  omniauth-facebook (= 8.0.0)
  omniauth-github (= 2.0.0)
  omniauth-google-oauth2 (= 1.0.0)
  omniauth-openid (= 2.0.1)
  omniauth-rails_csrf_protection (~> 1.0)
  paper_trail
  pbkdf2_password_hasher
  pg
  phantomjs
  piwik_analytics (~> 1.0.1)
  poltergeist
  prawn (~> 1.3.0)
  prawn-qrcode (~> 0.2.2.1)
  prawn_rails
  puma
  rails (~> 6.1.7)
  rails-assets-bootstrap-markdown!
  rails-assets-chartjs!
  rails-assets-date.format!
  rails-assets-holderjs!
  rails-assets-jquery!
  rails-assets-jquery-smooth-scroll!
  rails-assets-markdown!
  rails-assets-momentjs!
  rails-assets-spectrum!
  rails-assets-tinycolor!
  rails-assets-to-markdown (~> 3)!
  rails-assets-trianglify!
  rails-assets-waypoints!
  rails-i18n (~> 6.0)
  rails-observers
  rails_pdf
  rdoc-generator-fivefish (~> 0.4.0)
  recaptcha
  redcarpet (>= 3.5.1)
  refinerycms!
  refinerycms-acts-as-indexed!
  refinerycms-blog!
  refinerycms-community_events!
  refinerycms-dynamicfields!
  refinerycms-i18n!
  refinerycms-meetups!
  refinerycms-search!
  refinerycms-settings!
  refinerycms-sponsors!
  refinerycms-team_members!
  refinerycms-tinymce!
  responders (~> 3.0)
  rolify
  rqrcode
  rspec-activemodel-mocks
  rspec-rails
  rubocop
  rubocop-rspec
  ruby-oembed (~> 0.14.0)
  rubyzip (>= 1.3.0)
  sassc
  sched (~> 0.1.13)
  schema_dot_org!
  seed_dump
  selectize-rails
  shoulda-matchers
  simple_calendar (~> 2.4.3)
  soft_deletion
  spring-commands-rspec
  stripe
  stripe-ruby-mock
  survey!
  timecop
  transitions
  turbolinks
  uglifier (>= 1.3.0)
  unobtrusive_flash (>= 3)
  uuidtools
  web-console (~> 3.0)
  webmock
  whenever
  will_paginate-bootstrap
  yajl-ruby (~> 1.2, >= 1.2.1)
  zeitwerk (~> 2.5.4)

BUNDLED WITH
   2.3.26
